GEM
  remote: https://rubygems.org/
  specs:
    capybara (2.4.3)
      mime-types (>= 1.16)
      nokogiri (>= 1.3.3)
      rack (>= 1.0.0)
      rack-test (>= 0.5.4)
      xpath (~> 2.0)
    mime-types (2.4.1)
    mini_portile (0.6.0)
    minitest (5.4.1)
    nokogiri (1.6.3.1)
      mini_portile (= 0.6.0)
    rack (1.5.2)
    rack-protection (1.5.3)
      rack
    rack-test (0.6.2)
      rack (>= 1.0)
    sinatra (1.4.6)
      rack (~> 1.4)
      rack-protection (~> 1.4)
      tilt (>= 1.3, < 3)
    tilt (1.4.1)
    xpath (2.0.0)
      nokogiri (~> 1.3)
      shotgun (0.9.1)
      data_objects (0.10.16)
      shotgun (0.9.1)
      sqlite3 (1.3.7)
datamapper (1.2.0)
dm-aggregates (1.2.0)
dm-constraints (1.2.0)
dm-core (1.2.1)
dm-do-adapter (1.2.0)
dm-migrations (1.2.0)
dm-serializer (1.2.2)
dm-sqlite-adapter (1.2.0)
dm-timestamps (1.2.0)
dm-transactions (1.2.0)
dm-types (1.2.2)
dm-validations (1.2.0)
do_sqlite3 (0.10.16)

PLATFORMS
  ruby

DEPENDENCIES
  capybara
  minitest
  rack-test
  sinatra
  data_mapper
  dm-sqlite-adapter
